GEM
  remote: http://rubygems.org/
  specs:
    activemodel (3.2.5)
      activesupport (= 3.2.5)
      builder (~> 3.0.0)
    activesupport (3.2.5)
      i18n (~> 0.6)
      multi_json (~> 1.0)
    bcrypt-ruby (3.0.1)
    builder (3.0.3)
    coffee-script (2.2.0)
      coffee-script-source
      execjs
    coffee-script-source (1.3.3)
    daemons (1.1.9)
    dust-sinatra (0.1.2)
      execjs
      sinatra
      tilt
    eventmachine (1.0.0)
    execjs (1.4.0)
      multi_json (~> 1.0)
    haml (3.1.7)
    hike (1.2.1)
    i18n (0.6.1)
    json (1.7.5)
    mongoid (3.0.9)
      activemodel (~> 3.1)
      moped (~> 1.1)
      origin (~> 1.0)
      tzinfo (~> 0.3.22)
    moped (1.2.7)
    multi_json (1.3.6)
    origin (1.0.9)
    rack (1.4.1)
    rack-coffee (1.0.0)
      coffee-script
      rack
    rack-protection (1.2.0)
      rack
    sass (3.2.1)
    sinatra (1.3.3)
      rack (~> 1.3, >= 1.3.6)
      rack-protection (~> 1.2)
      tilt (~> 1.3, >= 1.3.3)
    sprockets (2.1.3)
      hike (~> 1.2)
      rack (~> 1.0)
      tilt (~> 1.1, != 1.3.0)
    thin (1.4.1)
      daemons (>= 1.0.9)
      eventmachine (>= 0.12.6)
      rack (>= 1.0.0)
    tilt (1.3.3)
    tzinfo (0.3.33)
    uuidtools (2.1.2)

PLATFORMS
  ruby

DEPENDENCIES
  bcrypt-ruby
  dust-sinatra
  haml
  json
  mongoid
  rack-coffee
  sass
  sinatra
  sprockets
  thin
  uuidtools
